GEM
  remote: https://rubygems.org/
  specs:
    bump (0.9.0)
    diff-lcs (1.3)
    faraday (1.0.0)
      multipart-post (>= 1.2, < 3)
    jwt (2.2.1)
    multipart-post (2.1.1)
    nio4r (2.5.4)
    puma (4.3.5)
      nio4r (~> 2.0)
    rack (3.0.4.2)
    rake (13.0.1)
    rspec (3.9.0)
      rspec-core (~> 3.9.0)
      rspec-expectations (~> 3.9.0)
      rspec-mocks (~> 3.9.0)
    rspec-core (3.9.1)
      rspec-support (~> 3.9.1)
    rspec-expectations (3.9.0)
      diff-lcs (>= 1.2.0, < 2.0)
      rspec-support (~> 3.9.0)
    rspec-mocks (3.9.1)
      diff-lcs (>= 1.2.0, < 2.0)
      rspec-support (~> 3.9.0)
    rspec-support (3.9.2)
    sinatra (1.0)
      rack (>= 1.0)
    sshkey (2.0.0)

PLATFORMS
  ruby

DEPENDENCIES
  bump
  faraday
  jwt
  puma
  rack (>= 2.2.6.3)
  rake
  rspec
  sinatra
  sshkey

RUBY VERSION
   ruby 2.6.3p62

BUNDLED WITH
   1.17.3
